GIT
  remote: git://github.com/tily/aws-sdk-ruby.git
  revision: 950022d37352e32aaacad9f27753199d7b2b8747
  specs:
    aws-sdk (1.47.0)
      json (~> 1.4)
      nokogiri (>= 1.4.4)

GEM
  remote: https://rubygems.org/
  specs:
    haml (4.0.5)
      tilt
    json (1.8.1)
    mini_portile (0.6.0)
    nokogiri (1.6.2.1)
      mini_portile (= 0.6.0)
    rack (1.5.2)
    rack-protection (1.5.3)
      rack
    sinatra (1.4.5)
      rack (~> 1.4)
      rack-protection (~> 1.4)
      tilt (~> 1.3, >= 1.3.4)
    tilt (1.4.1)

PLATFORMS
  ruby

DEPENDENCIES
  aws-sdk!
  haml
  sinatra
